PATH
  remote: .
  specs:
    killalltheuploads (0.1.0)
      aws-sdk (~> 2)
      methadone (~> 1.9.2)

GEM
  remote: https://rubygems.org/
  specs:
    aruba (0.14.0)
      childprocess (~> 0.5.6)
      contracts (~> 0.9)
      cucumber (>= 1.3.19)
      ffi (~> 1.9.10)
      rspec-expectations (>= 2.99)
      thor (~> 0.19)
    aws-sdk (2.2.25)
      aws-sdk-resources (= 2.2.25)
    aws-sdk-core (2.2.25)
      jmespath (~> 1.0)
    aws-sdk-resources (2.2.25)
      aws-sdk-core (= 2.2.25)
    builder (3.2.2)
    childprocess (0.5.9)
      ffi (~> 1.0, >= 1.0.11)
    contracts (0.13.0)
    cucumber (2.3.2)
      builder (>= 2.1.2)
      cucumber-core (~> 1.4.0)
      cucumber-wire (~> 0.0.1)
      diff-lcs (>= 1.1.3)
      gherkin (~> 3.2.0)
      multi_json (>= 1.7.5, < 2.0)
      multi_test (>= 0.1.2)
    cucumber-core (1.4.0)
      gherkin (~> 3.2.0)
    cucumber-wire (0.0.1)
    diff-lcs (1.2.5)
    ffi (1.9.10)
    gherkin (3.2.0)
    jmespath (1.1.3)
    json (1.8.3)
    methadone (1.9.2)
      bundler
    multi_json (1.11.2)
    multi_test (0.1.2)
    power_assert (0.2.7)
    rake (11.0.1)
    rdoc (4.2.2)
      json (~> 1.4)
    rspec-expectations (3.4.0)
      diff-lcs (>= 1.2.0, < 2.0)
      rspec-support (~> 3.4.0)
    rspec-support (3.4.1)
    test-unit (3.1.7)
      power_assert
    thor (0.19.1)

PLATFORMS
  ruby

DEPENDENCIES
  aruba
  bundler (~> 1.11)
  killalltheuploads!
  rake
  rdoc
  test-unit

BUNDLED WITH
   1.11.2
